GEM
  specs:
    liquid (3.0.6)
    rake (10.4.2)

PLATFORMS
  ruby

DEPENDENCIES
  liquid
  rake

BUNDLED WITH
   1.12.5
